PATH
  remote: .
  specs:
    bitmask_attributes (0.4.0)
      activerecord (~> 4.0.8)

GEM
  remote: http://rubygems.org/
  specs:
    activemodel (4.0.8)
      activesupport (= 4.0.8)
      builder (~> 3.1.0)
    activerecord (4.0.8)
      activemodel (= 4.0.8)
      activerecord-deprecated_finders (~> 1.0.2)
      activesupport (= 4.0.8)
      arel (~> 4.0.0)
    activerecord-deprecated_finders (1.0.3)
    activesupport (4.0.8)
      i18n (~> 0.6, >= 0.6.9)
      minitest (~> 4.2)
      multi_json (~> 1.3)
      thread_safe (~> 0.1)
      tzinfo (~> 0.3.37)
    ansi (1.4.3)
    arel (4.0.2)
    builder (3.1.4)
    i18n (0.6.11)
    json (1.8.1)
    minitest (4.7.5)
    multi_json (1.10.1)
    rake (10.3.2)
    rdoc (4.1.1)
      json (~> 1.4)
    sdoc (0.4.0)
      json (~> 1.8)
      rdoc (~> 4.0, < 5.0)
    shoulda (3.5.0)
      shoulda-context (~> 1.0, >= 1.0.1)
      shoulda-matchers (>= 1.4.1, < 3.0)
    shoulda-context (1.2.1)
    shoulda-matchers (2.6.2)
      activesupport (>= 3.0.0)
    sqlite3 (1.3.9)
    thread_safe (0.3.4)
    turn (0.9.7)
      ansi
      minitest (~> 4)
    tzinfo (0.3.40)

PLATFORMS
  ruby

DEPENDENCIES
  bitmask_attributes!
  rake
  sdoc
  shoulda
  sqlite3
  turn
